GEM
  remote: https://rubygems.org/
  specs:
    activesupport (3.0.0)
    builder (3.2.2)
    diff-lcs (1.2.5)
    fakefs (0.5.0)
    i18n (0.6.9)
    mini_portile (0.5.2)
    nokogiri (1.6.1)
      mini_portile (~> 0.5.0)
    rake (10.1.1)
    rspec (2.14.1)
      rspec-core (~> 2.14.0)
      rspec-expectations (~> 2.14.0)
      rspec-mocks (~> 2.14.0)
    rspec-core (2.14.7)
    rspec-expectations (2.14.5)
      diff-lcs (>= 1.1.3, < 2.0)
    rspec-mocks (2.14.6)
    yarjuf (1.0.5)
      builder
      rspec (>= 2.0)

PLATFORMS
  ruby

DEPENDENCIES
  activesupport (= 3.0.0)
  fakefs
  i18n (= 0.6.9)
  nokogiri (= 1.6.1)
  rake (= 10.1.1)
  rspec (= 2.14.1)
  yarjuf (= 1.0.5)
